GEM
  remote: https://rubygems.org/
  specs:
    httparty (0.14.0)
      multi_xml (>= 0.5.2)
    multi_xml (0.5.5)
    power_assert (0.2.6)
    rake (10.4.2)
    ruby-filemagic (0.7.1)
    test-unit (3.1.5)
      power_assert
    thor (0.19.1)

PLATFORMS
  ruby

DEPENDENCIES
  httparty
  rake
  ruby-filemagic
  test-unit
  thor

BUNDLED WITH
   1.13.2
